PATH
  remote: .
  specs:
    decors (0.1.0)

GEM
  remote: https://rubygems.org/
  specs:
    coderay (1.1.1)
    method_source (0.8.2)
    pry (0.10.4)
      coderay (~> 1.1.0)
      method_source (~> 0.8.1)
      slop (~> 3.4)
    rspec (0.9.4)
    slop (3.6.0)

PLATFORMS
  ruby

DEPENDENCIES
  decors!
  pry (~> 0)!
  rspec (~> 0)!

RUBY VERSION
   ruby 2.3.1p112

BUNDLED WITH
   1.14.6
